GEM
  remote: https://rubygems.org/
  specs:
    ast (2.4.0)
    i18n (0.8.5)
    jaro_winkler (1.5.2)
    minitest (5.11.3)
    parallel (1.13.0)
    parser (2.6.0.0)
      ast (~> 2.4.0)
    powerpack (0.1.2)
    rack (1.6.11)
    rainbow (3.0.0)
    rake (10.5.0)
    rubocop (0.63.1)
      jaro_winkler (~> 1.5.1)
      parallel (~> 1.10)
      parser (>= 2.5, != 2.5.1.1)
      powerpack (~> 0.1)
      rainbow (>= 2.2.2, < 4.0)
      ruby-progressbar (~> 1.7)
      unicode-display_width (~> 1.4.0)
    ruby-progressbar (1.10.0)
    single_cov (1.3.0)
    unicode-display_width (1.4.1)

PLATFORMS
  java
  ruby

DEPENDENCIES
  i18n
  minitest
  rack
  rake
  rubocop (~> 0.63.1)
  single_cov (~> 1.3)

BUNDLED WITH
   1.16.6
